GEM
  remote: https://rubygems.org/
  specs:
    airbrussh (1.4.1)
      sshkit (>= 1.6.1, != 1.7.0)
    bcrypt_pbkdf (1.1.0)
    capistrano (3.17.1)
      airbrussh (>= 1.0.0)
      i18n
      rake (>= 10.0.0)
      sshkit (>= 1.9.0)
    capistrano-bundler (2.1.0)
      capistrano (~> 3.1)
    capistrano-chruby (0.1.2)
      capistrano (~> 3.0)
      sshkit (~> 1.3)
    concurrent-ruby (1.1.10)
    dotenv (2.8.1)
    ed25519 (1.3.0)
    i18n (1.12.0)
      concurrent-ruby (~> 1.0)
    net-scp (4.0.0)
      net-ssh (>= 2.6.5, < 8.0.0)
    net-ssh (7.0.1)
    rake (13.0.6)
    sshkit (1.21.3)
      net-scp (>= 1.1.2)
      net-ssh (>= 2.8.0)

PLATFORMS
  ruby

DEPENDENCIES
  bcrypt_pbkdf (>= 1.0, < 2.0)
  capistrano
  capistrano-bundler
  capistrano-chruby
  dotenv
  ed25519 (>= 1.2, < 2.0)
  rake

BUNDLED WITH
   2.3.24
